PATH
  remote: .
  specs:
    heroku-env (0.1.4)

GEM
  remote: https://rubygems.org/
  specs:
    rake (10.4.2)

PLATFORMS
  ruby

DEPENDENCIES
  heroku-env!
  rake (= 10.4.2)

BUNDLED WITH
   1.11.2
