PATH
  remote: .
  specs:
    heroku-env (0.1.4)

GEM
  remote: https://rubygems.org/
  specs:
    rake (13.0.1)

PLATFORMS
  ruby

DEPENDENCIES
  heroku-env!
  rake

BUNDLED WITH
   1.17.3
