PATH
  remote: .
  specs:
    heroku-env (0.1.4)

GEM
  remote: https://rubygems.org/
  specs:
    rake (10.5.0)

PLATFORMS
  ruby

DEPENDENCIES
  heroku-env!
  rake

BUNDLED WITH
   1.11.2
